GEM
  remote: http://rubygems.org/
  specs:
    activemodel (3.1.0)
      activesupport (= 3.1.0)
      bcrypt-ruby (~> 3.0.0)
      builder (~> 3.0.0)
      i18n (~> 0.6)
    activesupport (3.1.0)
      multi_json (~> 1.0)
    bcrypt-ruby (3.0.1)
    bson (1.4.0)
    bson_ext (1.4.0)
    builder (3.0.0)
    capybara (1.1.1)
      mime-types (>= 1.16)
      nokogiri (>= 1.3.3)
      rack (>= 1.0.0)
      rack-test (>= 0.5.4)
      selenium-webdriver (~> 2.0)
      xpath (~> 0.1.4)
    childprocess (0.2.2)
      ffi (~> 1.0.6)
    chunky_png (1.2.5)
    coffee-script (2.2.0)
      coffee-script-source
      execjs
    coffee-script-source (1.1.2)
    compass (0.11.5)
      chunky_png (~> 1.2)
      fssm (>= 0.2.7)
      sass (~> 3.1)
    diff-lcs (1.1.3)
    execjs (1.2.9)
      multi_json (~> 1.0)
    ffi (1.0.9)
    fssm (0.2.7)
    guard (0.7.0)
      thor (~> 0.14.6)
    guard-coffeescript (0.4.2)
      coffee-script (>= 2.2.0)
      guard (>= 0.4)
    guard-compass (0.0.6)
      compass (>= 0.10.5)
      guard (>= 0.2.1)
    guard-pow (0.2.1)
      guard (>= 0.3.0)
    guard-rspec (0.4.5)
      guard (>= 0.4.0)
    haml (3.1.3)
    i18n (0.6.0)
    json (1.6.1)
    json_pure (1.6.1)
    log4r (1.1.9)
    mime-types (1.16)
    mongo (1.4.0)
      bson (= 1.4.0)
    mongo_mapper (0.9.2)
      activemodel (~> 3.0)
      activesupport (~> 3.0)
      plucky (~> 0.3.8)
    multi_json (1.0.3)
    nokogiri (1.5.0)
    plucky (0.3.8)
      mongo (~> 1.3)
    rack (1.3.3)
    rack-test (0.6.1)
      rack (>= 1.0)
    rb-fsevent (0.4.3.1)
    rspec (2.6.0)
      rspec-core (~> 2.6.0)
      rspec-expectations (~> 2.6.0)
      rspec-mocks (~> 2.6.0)
    rspec-core (2.6.4)
    rspec-expectations (2.6.0)
      diff-lcs (~> 1.1.2)
    rspec-mocks (2.6.0)
    rubyzip (0.9.4)
    sass (3.1.7)
    selenium-webdriver (2.7.0)
      childprocess (>= 0.2.1)
      ffi (>= 1.0.7)
      json_pure
      rubyzip
    shoulda (2.11.3)
    sinatra (1.2.6)
      rack (~> 1.1)
      tilt (>= 1.2.2, < 2.0)
    sinatra-content-for (0.2)
      sinatra
    thor (0.14.6)
    tilt (1.3.3)
    timecop (0.3.5)
    xpath (0.1.4)
      nokogiri (~> 1.3)

PLATFORMS
  ruby

DEPENDENCIES
  activemodel
  activesupport
  bson_ext
  capybara
  coffee-script
  compass
  guard
  guard-coffeescript
  guard-compass
  guard-pow
  guard-rspec
  haml
  json
  log4r
  mongo_mapper
  rack-test
  rb-fsevent
  rspec
  shoulda
  sinatra
  sinatra-content-for
  timecop
